GIT
  remote: git@github.com:pivotal-cf-experimental/bucket_brigade
  revision: 3cb304cfabfc728307318fe77da8e2b37deec159
  specs:
    bucket_brigade (0.1.4)
      aws-sdk (~> 1.49)
      filesize (~> 0.0.3)

GIT
  remote: git@github.com:pivotal-cf-experimental/krafa.git
  revision: 3b071f5040871ee57f63ef59e83660f903137d50
  specs:
    krafa-client (0.0.8)
      rake
      rest-client

GIT
  remote: git@github.com:pivotal-cf-experimental/ova_manager
  revision: 8f50456dbdac6434c12727b15f02025d5bf3e8e2
  specs:
    ova_manager (0.1.0)
      rbvmomi
      vsphere_clients

GIT
  remote: git@github.com:pivotal-cf-experimental/vsphere_clients
  revision: 4bcc013e5ed78114c6c461437d0d4190acf48c3d
  specs:
    vsphere_clients (0.1.0)
      rbvmomi

GIT
  remote: git@github.com:pivotal-cf/opsmgr
  revision: b3c11bc9036f5782306ea386357a50ba5d77df01
  specs:
    opsmgr (0.1.0)
      activesupport (~> 4.1.6)
      bucket_brigade (= 0.1.4)
      fog
      multipart-post
      netaddr
      open4
      ova_manager
      rake
      rbvmomi (~> 1.6.0)
      rubyzip
      sinatra
      vsphere_clients

GIT
  remote: git@github.com:pivotal-cf/vara.git
  revision: 3f0d5f1d52066ed1c3ba39a7c154658cfe9d4e90
  specs:
    vara (0.12.0)
      open4
      thor

GEM
  remote: https://rubygems.org/
  specs:
    activesupport (4.1.9)
      i18n (~> 0.6, >= 0.6.9)
      json (~> 1.7, >= 1.7.7)
      minitest (~> 5.1)
      thread_safe (~> 0.1)
      tzinfo (~> 1.1)
    addressable (2.3.7)
    aws-sdk (1.60.2)
      aws-sdk-v1 (= 1.60.2)
    aws-sdk-v1 (1.60.2)
      json (~> 1.4)
      nokogiri (>= 1.4.4)
    blobstore_client (1.2818.0)
      aws-sdk (= 1.60.2)
      bosh_common (~> 1.2818.0)
      fog (~> 1.23.0)
      httpclient (= 2.4.0)
      multi_json (~> 1.1)
      ruby-atmos-pure (~> 1.0.5)
    bosh-template (1.2818.0)
      semi_semantic (~> 1.1.0)
    bosh_cli (1.2818.0)
      blobstore_client (~> 1.2818.0)
      bosh-template (~> 1.2818.0)
      bosh_common (~> 1.2818.0)
      highline (~> 1.6.2)
      httpclient (= 2.4.0)
      json_pure (~> 1.7)
      minitar (~> 0.5.4)
      net-scp (~> 1.1.0)
      net-ssh (>= 2.2.1)
      net-ssh-gateway (~> 1.2.0)
      netaddr (~> 1.5.0)
      progressbar (~> 0.9.0)
      terminal-table (~> 1.4.3)
    bosh_common (1.2818.0)
      logging (~> 1.8.2)
      semi_semantic (~> 1.1.0)
    builder (3.2.2)
    byebug (4.0.2)
      columnize (= 0.9.0)
    columnize (0.9.0)
    crack (0.4.2)
      safe_yaml (~> 1.0.0)
    diff-lcs (1.2.5)
    excon (0.44.4)
    filesize (0.0.4)
    fog (1.23.0)
      fog-brightbox
      fog-core (~> 1.23)
      fog-json
      fog-softlayer
      ipaddress (~> 0.5)
      nokogiri (~> 1.5, >= 1.5.11)
    fog-brightbox (0.7.1)
      fog-core (~> 1.22)
      fog-json
      inflecto (~> 0.0.2)
    fog-core (1.29.0)
      builder
      excon (~> 0.38)
      formatador (~> 0.2)
      mime-types
      net-scp (~> 1.1)
      net-ssh (>= 2.1.3)
    fog-json (1.0.0)
      multi_json (~> 1.0)
    fog-softlayer (0.4.1)
      fog-core
      fog-json
    formatador (0.2.5)
    highline (1.6.21)
    httpclient (2.4.0)
    i18n (0.7.0)
    inflecto (0.0.2)
    ipaddress (0.8.0)
    json (1.8.2)
    json_pure (1.8.2)
    little-plugger (1.1.3)
    log4r (1.1.10)
    logging (1.8.2)
      little-plugger (>= 1.1.3)
      multi_json (>= 1.8.4)
    mime-types (2.4.3)
    mini_portile (0.6.2)
    minitar (0.5.4)
    minitest (5.5.1)
    multi_json (1.11.0)
    multipart-post (2.0.0)
    net-scp (1.1.2)
      net-ssh (>= 2.6.5)
    net-ssh (2.9.2)
    net-ssh-gateway (1.2.0)
      net-ssh (>= 2.6.5)
    netaddr (1.5.0)
    netrc (0.10.3)
    nokogiri (1.6.6.2)
      mini_portile (~> 0.6.0)
    open4 (1.3.4)
    progressbar (0.9.2)
    rack (1.6.0)
    rack-protection (1.5.3)
      rack
    rake (10.4.2)
    rbvmomi (1.6.0)
      builder
      nokogiri (>= 1.4.1)
      trollop
    rest-client (1.7.3)
      mime-types (>= 1.16, < 3.0)
      netrc (~> 0.7)
    rspec (3.2.0)
      rspec-core (~> 3.2.0)
      rspec-expectations (~> 3.2.0)
      rspec-mocks (~> 3.2.0)
    rspec-core (3.2.2)
      rspec-support (~> 3.2.0)
    rspec-expectations (3.2.0)
      diff-lcs (>= 1.2.0, < 2.0)
      rspec-support (~> 3.2.0)
    rspec-mocks (3.2.1)
      diff-lcs (>= 1.2.0, < 2.0)
      rspec-support (~> 3.2.0)
    rspec-support (3.2.2)
    ruby-atmos-pure (1.0.5)
      log4r (>= 1.1.9)
      ruby-hmac (>= 0.4.0)
    ruby-hmac (0.4.0)
    rubyzip (1.1.7)
    safe_yaml (1.0.4)
    semi_semantic (1.1.0)
    sinatra (1.4.5)
      rack (~> 1.4)
      rack-protection (~> 1.4)
      tilt (~> 1.3, >= 1.3.4)
    terminal-table (1.4.5)
    thor (0.19.1)
    thread_safe (0.3.5)
    tilt (1.4.1)
    trollop (2.1.2)
    tzinfo (1.2.2)
      thread_safe (~> 0.1)
    webmock (1.20.4)
      addressable (>= 2.3.6)
      crack (>= 0.3.2)

PLATFORMS
  ruby

DEPENDENCIES
  bosh_cli (= 1.2818.0)
  bucket_brigade!
  byebug
  krafa-client (= 0.0.8)!
  opsmgr!
  ova_manager!
  rspec
  vara (= 0.12.0)!
  vsphere_clients!
  webmock
