GEM
  remote: https://rubygems.org/
  specs:
    CFPropertyList (2.3.2)
    activesupport (4.2.5.1)
      i18n (~> 0.7)
      json (~> 1.7, >= 1.7.7)
      minitest (~> 5.1)
      thread_safe (~> 0.3, >= 0.3.4)
      tzinfo (~> 1.1)
    addressable (2.4.0)
    ast (2.1.0)
    astrolabe (1.3.1)
      parser (~> 2.2)
    aws-sdk (2.2.20)
      aws-sdk-resources (= 2.2.20)
    aws-sdk-core (2.2.20)
      jmespath (~> 1.0)
    aws-sdk-resources (2.2.20)
      aws-sdk-core (= 2.2.20)
    aws-sdk-v1 (1.66.0)
      json (~> 1.4)
      nokogiri (>= 1.4.4)
    builder (3.2.2)
    byebug (5.0.0)
      columnize (= 0.9.0)
    capybara (2.6.2)
      addressable
      mime-types (>= 1.16)
      nokogiri (>= 1.3.3)
      rack (>= 1.0.0)
      rack-test (>= 0.5.4)
      xpath (~> 2.0)
    capybara-webkit (1.8.0)
      capybara (>= 2.3.0, < 2.7.0)
      json
    cf-uaa-lib (3.2.5)
      multi_json
    childprocess (0.5.9)
      ffi (~> 1.0, >= 1.0.11)
    columnize (0.9.0)
    crack (0.4.2)
      safe_yaml (~> 1.0.0)
    diff-lcs (1.2.5)
    domain_name (0.5.20160216)
      unf (>= 0.0.5, < 1.0.0)
    excon (0.47.0)
    ffi (1.9.10)
    fission (0.5.0)
      CFPropertyList (~> 2.2)
    fog (1.34.0)
      fog-atmos
      fog-aws (>= 0.6.0)
      fog-brightbox (~> 0.4)
      fog-core (~> 1.32)
      fog-dynect (~> 0.0.2)
      fog-ecloud (~> 0.1)
      fog-google (>= 0.0.2)
      fog-json
      fog-local
      fog-powerdns (>= 0.1.1)
      fog-profitbricks
      fog-radosgw (>= 0.0.2)
      fog-riakcs
      fog-sakuracloud (>= 0.0.4)
      fog-serverlove
      fog-softlayer
      fog-storm_on_demand
      fog-terremark
      fog-vmfusion
      fog-voxel
      fog-xml (~> 0.1.1)
      ipaddress (~> 0.5)
      nokogiri (~> 1.5, >= 1.5.11)
    fog-atmos (0.1.0)
      fog-core
      fog-xml
    fog-aws (0.8.1)
      fog-core (~> 1.27)
      fog-json (~> 1.0)
      fog-xml (~> 0.1)
      ipaddress (~> 0.8)
    fog-brightbox (0.10.1)
      fog-core (~> 1.22)
      fog-json
      inflecto (~> 0.0.2)
    fog-core (1.36.0)
      builder
      excon (~> 0.45)
      formatador (~> 0.2)
    fog-dynect (0.0.2)
      fog-core
      fog-json
      fog-xml
    fog-ecloud (0.3.0)
      fog-core
      fog-xml
    fog-google (0.1.1)
      fog-core
      fog-json
      fog-xml
    fog-json (1.0.2)
      fog-core (~> 1.0)
      multi_json (~> 1.10)
    fog-local (0.2.1)
      fog-core (~> 1.27)
    fog-powerdns (0.1.1)
      fog-core (~> 1.27)
      fog-json (~> 1.0)
      fog-xml (~> 0.1)
    fog-profitbricks (0.0.5)
      fog-core
      fog-xml
      nokogiri
    fog-radosgw (0.0.5)
      fog-core (>= 1.21.0)
      fog-json
      fog-xml (>= 0.0.1)
    fog-riakcs (0.1.0)
      fog-core
      fog-json
      fog-xml
    fog-sakuracloud (1.7.5)
      fog-core
      fog-json
    fog-serverlove (0.1.2)
      fog-core
      fog-json
    fog-softlayer (1.1.0)
      fog-core
      fog-json
    fog-storm_on_demand (0.1.1)
      fog-core
      fog-json
    fog-terremark (0.1.0)
      fog-core
      fog-xml
    fog-vmfusion (0.1.0)
      fission
      fog-core
    fog-voxel (0.1.0)
      fog-core
      fog-xml
    fog-xml (0.1.2)
      fog-core
      nokogiri (~> 1.5, >= 1.5.11)
    formatador (0.2.5)
    http-cookie (1.0.2)
      domain_name (~> 0.5)
    httpclient (2.7.1)
    i18n (0.7.0)
    inflecto (0.0.2)
    ipaddress (0.8.3)
    jmespath (1.1.3)
    json (1.8.3)
    mime-types (2.99.1)
    mini_portile2 (2.0.0)
    minitest (5.8.4)
    multi_json (1.11.2)
    multipart-post (2.0.0)
    mustache (1.0.2)
    mysql2 (0.3.19)
    net-scp (1.2.1)
      net-ssh (>= 2.6.5)
    net-ssh (3.0.2)
    net-ssh-gateway (1.2.0)
      net-ssh (>= 2.6.5)
    netaddr (1.5.1)
    netrc (0.11.0)
    nokogiri (1.6.7.2)
      mini_portile2 (~> 2.0.0.rc2)
    open4 (1.3.4)
    ops_manager_ui_drivers (2.4.2)
      activesupport
      capybara
      capybara-webkit
      cf-uaa-lib
      selenium-webdriver
    opsmgr (0.34.0)
      aws-sdk (~> 2.0)
      capybara
      capybara-webkit
      multipart-post
      mustache
      net-scp
      net-ssh-gateway
      open4
      ops_manager_ui_drivers (= 2.4.2)
      rake
      recursive-open-struct (~> 0.5.0)
      rspec
      sinatra
      vm_shepherd (~> 3.0.1)
    parser (2.2.2.6)
      ast (>= 1.1, < 3.0)
    powerpack (0.1.1)
    rack (1.6.4)
    rack-protection (1.5.3)
      rack
    rack-test (0.6.3)
      rack (>= 1.0)
    rainbow (2.0.0)
    rake (10.5.0)
    rbvmomi (1.8.2)
      builder
      nokogiri (>= 1.4.1)
      trollop
    recursive-open-struct (0.5.0)
    rest-client (1.8.0)
      http-cookie (>= 1.0.2, < 2.0)
      mime-types (>= 1.16, < 3.0)
      netrc (~> 0.7)
    rspec (3.4.0)
      rspec-core (~> 3.4.0)
      rspec-expectations (~> 3.4.0)
      rspec-mocks (~> 3.4.0)
    rspec-core (3.4.3)
      rspec-support (~> 3.4.0)
    rspec-expectations (3.4.0)
      diff-lcs (>= 1.2.0, < 2.0)
      rspec-support (~> 3.4.0)
    rspec-mocks (3.4.1)
      diff-lcs (>= 1.2.0, < 2.0)
      rspec-support (~> 3.4.0)
    rspec-support (3.4.1)
    rubocop (0.32.1)
      astrolabe (~> 1.3)
      parser (>= 2.2.2.5, < 3.0)
      powerpack (~> 0.1)
      rainbow (>= 1.99.1, < 3.0)
      ruby-progressbar (~> 1.4)
    ruby-progressbar (1.7.5)
    ruby_vcloud_sdk (0.7.4)
      builder (>= 3.1)
      httpclient (>= 2.4.0)
      netaddr
      nokogiri (>= 1.5.6)
      rest-client (>= 1.6.7)
    rubyzip (1.2.0)
    safe_yaml (1.0.4)
    selenium-webdriver (2.52.0)
      childprocess (~> 0.5)
      multi_json (~> 1.0)
      rubyzip (~> 1.0)
      websocket (~> 1.0)
    sinatra (1.4.7)
      rack (~> 1.5)
      rack-protection (~> 1.4)
      tilt (>= 1.3, < 3)
    thor (0.19.1)
    thread_safe (0.3.5)
    tilt (2.0.2)
    trollop (2.1.2)
    tzinfo (1.2.2)
      thread_safe (~> 0.1)
    unf (0.1.4)
      unf_ext
    unf_ext (0.0.7.2)
    vara (0.19.0)
      aws-sdk
      open4
      thor
    vm_shepherd (3.0.5)
      aws-sdk-v1
      fog (= 1.34.0)
      net-ssh
      rbvmomi
      ruby_vcloud_sdk (= 0.7.4)
    webmock (1.21.0)
      addressable (>= 2.3.6)
      crack (>= 0.3.2)
    websocket (1.2.2)
    xpath (2.0.0)
      nokogiri (~> 1.3)

PLATFORMS
  ruby

DEPENDENCIES
  byebug
  mysql2
  net-scp
  net-ssh-gateway
  opsmgr (~> 0.34.0)
  recursive-open-struct (= 0.5.0)
  rspec
  rubocop
  vara (= 0.19.0)
  webmock

BUNDLED WITH
   1.11.2
